GEM
  remote: https://rubygems.org/
  specs:
    citrus (3.0.2)
    toml-rb (2.0.1)
      citrus (~> 3.0, > 3.0)

PLATFORMS
  ruby

DEPENDENCIES
  toml-rb (~> 2.0.1)

BUNDLED WITH
   1.17.2
